GEM
  remote: https://rubygems.org/
  specs:
    addressable (2.3.5)
    daemons (1.1.9)
    data_objects (0.10.13)
      addressable (~> 2.1)
    dm-adjust (1.2.0)
      dm-core (~> 1.2.0)
    dm-core (1.2.1)
      addressable (~> 2.3)
    dm-do-adapter (1.2.0)
      data_objects (~> 0.10.6)
      dm-core (~> 1.2.0)
    dm-is-list (1.2.0)
      dm-adjust (~> 1.2.0)
    dm-migrations (1.2.0)
      dm-core (~> 1.2.0)
    dm-postgres-adapter (1.2.0)
      dm-do-adapter (~> 1.2.0)
      do_postgres (~> 0.10.6)
    dm-sqlite-adapter (1.2.0)
      dm-do-adapter (~> 1.2.0)
      do_sqlite3 (~> 0.10.6)
    dm-timestamps (1.2.0)
      dm-core (~> 1.2.0)
    dm-validations (1.2.0)
      dm-core (~> 1.2.0)
    do_postgres (0.10.13)
      data_objects (= 0.10.13)
    do_sqlite3 (0.10.13)
      data_objects (= 0.10.13)
    eventmachine (1.0.3)
    haml (4.0.4)
      tilt
    json (1.8.1)
    maruku (0.7.0)
    mime-types (2.0)
    permutation (0.1.8)
    pg (0.17.0)
    rack (1.5.2)
    rack-protection (1.5.1)
      rack
    rest-client (1.6.7)
      mime-types (>= 1.16)
    sinatra (1.4.4)
      rack (~> 1.4)
      rack-protection (~> 1.4)
      tilt (~> 1.3, >= 1.3.4)
    syntax (1.0.0)
    thin (1.6.1)
      daemons (>= 1.0.9)
      eventmachine (>= 1.0.0)
      rack (>= 1.0.0)
    tilt (1.4.1)

PLATFORMS
  ruby

DEPENDENCIES
  dm-core (~> 1.0)
  dm-is-list
  dm-migrations
  dm-postgres-adapter
  dm-sqlite-adapter
  dm-timestamps
  dm-validations
  do_postgres
  haml
  json (~> 1.0)
  maruku
  permutation
  pg
  rest-client
  sinatra (~> 1.0)
  syntax
  thin
